GEM
  remote: http://rubygems.org/
  specs:
    docsplit (0.6.0)
    nakamura (0.1)
    rmagick (2.13.1)

PLATFORMS
  ruby

DEPENDENCIES
  docsplit
  nakamura
  rmagick
